GIT
  remote: http://github.com/projecthydra/active_fedora.git
  revision: c2bbab5b147649062ae4f616c98862b281b23f9e
  specs:
    active-fedora (6.2.0)
      activesupport (>= 3.0.0)
      deprecation
      mediashelf-loggable
      nom-xml (>= 0.5.1)
      om (~> 2.1.0)
      rdf
      rdf-rdfxml (~> 1.0.0)
      rsolr
      rubydora (~> 1.6, >= 1.6.5)

GIT
  remote: http://github.com/projecthydra/rubydora.git
  revision: bdf69bfa9df76b64198535b471edb383931a28cf
  branch: fcrepo4
  specs:
    rubydora (1.6.5)
      activemodel
      activesupport
      deprecation
      equivalent-xml
      fastercsv
      hooks (~> 0.3.0)
      mime-types
      nokogiri
      rdf
      rest-client

GEM
  remote: https://rubygems.org/
  specs:
    actionmailer (3.2.13)
      actionpack (= 3.2.13)
      mail (~> 2.5.3)
    actionpack (3.2.13)
      activemodel (= 3.2.13)
      activesupport (= 3.2.13)
      builder (~> 3.0.0)
      erubis (~> 2.7.0)
      journey (~> 1.0.4)
      rack (~> 1.4.5)
      rack-cache (~> 1.2)
      rack-test (~> 0.6.1)
      sprockets (~> 2.2.1)
    activemodel (3.2.13)
      activesupport (= 3.2.13)
      builder (~> 3.0.0)
    activerecord (3.2.13)
      activemodel (= 3.2.13)
      activesupport (= 3.2.13)
      arel (~> 3.0.2)
      tzinfo (~> 0.3.29)
    activerecord-import (0.3.0)
      activerecord (~> 3.0)
      activerecord (~> 3.0)
    activeresource (3.2.13)
      activemodel (= 3.2.13)
      activesupport (= 3.2.13)
    activesupport (3.2.13)
      i18n (= 0.6.1)
      multi_json (~> 1.0)
    acts_as_follower (0.1.1)
    addressable (2.3.4)
    arel (3.0.2)
    backports (3.3.1)
    bcrypt-ruby (3.0.1)
    blacklight (4.2.0)
      bootstrap-sass (~> 2.2.0)
      kaminari (~> 0.13)
      marc (>= 0.4.3, < 1.1)
      nokogiri (~> 1.5)
      rails (>= 3.2)
      rsolr (~> 1.0.6)
      sass-rails
    blacklight_advanced_search (2.0.0)
      blacklight (~> 4.0)
      parslet
      rails (~> 3.0)
    blankslate (2.1.2.4)
    block_helpers (0.3.3)
      activesupport (>= 2.0)
    bootstrap-sass (2.2.2.0)
      sass (~> 3.2)
    builder (3.0.4)
    cancan (1.6.9)
    capistrano (2.14.2)
      highline
      net-scp (>= 1.0.0)
      net-sftp (>= 2.0.0)
      net-ssh (>= 2.0.14)
      net-ssh-gateway (>= 1.1.0)
    capistrano-resque (0.1.0)
      capistrano
      resque
      resque-scheduler
    carrierwave (0.8.0)
      activemodel (>= 3.2.0)
      activesupport (>= 3.2.0)
    childprocess (0.3.9)
      ffi (~> 1.0, >= 1.0.11)
    cocaine (0.4.2)
    coffee-rails (3.2.2)
      coffee-script (>= 2.2.0)
      railties (~> 3.2.0)
    coffee-script (2.2.0)
      coffee-script-source
      execjs
    coffee-script-source (1.6.2)
    daemons (1.1.9)
    deprecation (0.0.5)
      activesupport
    devise (2.2.3)
      bcrypt-ruby (~> 3.0)
      orm_adapter (~> 0.1)
      railties (~> 3.1)
      warden (~> 1.2.1)
    devise-guests (0.3.1)
      devise
    equivalent-xml (0.3.0)
      nokogiri (>= 1.4.3)
    erubis (2.7.0)
    execjs (1.4.0)
      multi_json (~> 1.0)
    fastercsv (1.5.5)
    ffi (1.8.1)
    font-awesome-sass-rails (3.0.2.2)
      railties (>= 3.1.1)
      sass-rails (>= 3.1.1)
    foreigner (1.4.1)
      activerecord (>= 3.0.0)
    highline (1.6.18)
    hike (1.2.2)
    hooks (0.3.1)
    hydra-access-controls (6.1.0)
      active-fedora (~> 6.1)
      activesupport
      blacklight
      cancan
      deprecation
    hydra-batch-edit (1.0.1)
      blacklight
      hydra-collections
    hydra-collections (0.0.2)
      blacklight
      hydra-head
    hydra-core (6.1.0)
      active-fedora
      blacklight (~> 4.0)
      block_helpers
      deprecation (>= 0.0.5)
      hydra-access-controls (= 6.1.0)
      jettywrapper (>= 1.4.1)
      rails (~> 3.2.3)
    hydra-head (6.1.0)
      hydra-access-controls (= 6.1.0)
      hydra-core (= 6.1.0)
      rails (>= 3.2.6)
    i18n (0.6.1)
    jettywrapper (1.4.1)
      activesupport (>= 3.0.0)
      childprocess
      i18n
      logger
      mediashelf-loggable
    journey (1.0.4)
    jquery-rails (2.2.1)
      railties (>= 3.0, < 5.0)
      thor (>= 0.14, < 2.0)
    json (1.7.7)
    kaminari (0.14.1)
      actionpack (>= 3.0.0)
      activesupport (>= 3.0.0)
    logger (1.2.8)
    mail (2.5.3)
      i18n (>= 0.4.0)
      mime-types (~> 1.16)
      treetop (~> 1.4.8)
    mail_form (1.4.1)
      actionmailer (~> 3.0)
    mailboxer (0.8.0)
      carrierwave (>= 0.5.8)
      foreigner (>= 0.9.1)
      rails (> 3.0.0)
    marc (0.5.0)
    mediashelf-loggable (0.4.9)
    mime-types (1.23)
    multi_json (1.7.2)
    nest (1.1.1)
      redis
    net-http-spy (0.2.1)
    net-scp (1.1.0)
      net-ssh (>= 2.6.5)
    net-sftp (2.1.1)
      net-ssh (>= 2.6.5)
    net-ssh (2.6.7)
    net-ssh-gateway (1.2.0)
      net-ssh (>= 2.6.5)
    noid (0.6.6)
      backports
    nokogiri (1.5.9)
    nom-xml (0.5.1)
      activesupport
      i18n
      nokogiri
    om (2.1.2)
      activemodel
      activesupport
      deprecation
      mediashelf-loggable
      nokogiri (>= 1.4.2)
      solrizer (~> 3.1.0)
    orm_adapter (0.4.0)
    paperclip (3.3.0)
      activemodel (>= 3.0.0)
      activerecord (>= 3.0.0)
      activesupport (>= 3.0.0)
      cocaine (~> 0.4.0)
      mime-types
    parslet (1.5.0)
      blankslate (~> 2.0)
    polyglot (0.3.3)
    rack (1.4.5)
    rack-cache (1.2)
      rack (>= 0.4)
    rack-protection (1.5.0)
      rack
    rack-ssl (1.3.3)
      rack
    rack-test (0.6.2)
      rack (>= 1.0)
    rails (3.2.13)
      actionmailer (= 3.2.13)
      actionpack (= 3.2.13)
      activerecord (= 3.2.13)
      activeresource (= 3.2.13)
      activesupport (= 3.2.13)
      bundler (~> 1.0)
      railties (= 3.2.13)
    rails_autolink (1.0.9)
      rails (~> 3.1)
    railties (3.2.13)
      actionpack (= 3.2.13)
      activesupport (= 3.2.13)
      rack-ssl (~> 1.3.2)
      rake (>= 0.8.7)
      rdoc (~> 3.4)
      thor (>= 0.14.6, < 2.0)
    rainbow (1.1.4)
    rake (10.0.4)
    rdf (1.0.6)
      addressable (>= 2.2)
    rdf-rdfxml (1.0.1)
      rdf (>= 1.0)
      rdf-xsd (>= 1.0)
    rdf-xsd (1.0.2.1)
      nokogiri (>= 1.5.0)
      rdf (>= 0.3.4)
    rdoc (3.12.2)
      json (~> 1.4)
    redis (3.0.4)
    redis-namespace (1.3.0)
      redis (~> 3.0.0)
    resque (1.23.1)
      multi_json (~> 1.0)
      redis-namespace (~> 1.0)
      sinatra (>= 0.9.2)
      vegas (~> 0.1.2)
    resque-pool (0.3.0)
      rake
      resque (~> 1.20)
      trollop (~> 1.16)
    resque-scheduler (2.0.1)
      redis (>= 2.0.1)
      resque (>= 1.20.0)
      rufus-scheduler
    rest-client (1.6.7)
      mime-types (>= 1.16)
    rmagick (2.13.2)
    rsolr (1.0.9)
      builder (>= 2.1.2)
    rufus-scheduler (2.0.18)
      tzinfo (>= 0.3.23)
    sass (3.2.8)
    sass-rails (3.2.6)
      railties (~> 3.2.0)
      sass (>= 3.1.10)
      tilt (~> 1.3)
    sinatra (1.3.6)
      rack (~> 1.4)
      rack-protection (~> 1.3)
      tilt (~> 1.3, >= 1.3.3)
    solrizer (3.1.0)
      activesupport
      daemons
      mediashelf-loggable (~> 0.4.7)
      nokogiri
      stomp
      xml-simple
    sprockets (2.2.2)
      hike (~> 1.2)
      multi_json (~> 1.0)
      rack (~> 1.0)
      tilt (~> 1.1, != 1.3.0)
    sqlite3 (1.3.7)
    stomp (1.2.9)
    sufia (1.3.0)
      activerecord-import (= 0.3.0)
      acts_as_follower (= 0.1.1)
      blacklight (~> 4.0)
      blacklight_advanced_search
      daemons (= 1.1.9)
      devise
      font-awesome-sass-rails (~> 3.0)
      hydra-batch-edit (~> 1.0)
      hydra-head (~> 6.0)
      mail_form
      mailboxer (= 0.8.0)
      nest (= 1.1.1)
      noid (~> 0.6.6)
      paperclip (= 3.3.0)
      rails (~> 3.2.13)
      rails_autolink (= 1.0.9)
      rainbow (= 1.1.4)
      resque (~> 1.23.0)
      resque-pool (= 0.3.0)
      rmagick
      yaml_db (= 0.2.3)
      zipruby (= 0.3.6)
    thor (0.18.1)
    tilt (1.4.0)
    treetop (1.4.12)
      polyglot
      polyglot (>= 0.3.1)
    trollop (1.16.2)
    tzinfo (0.3.37)
    uglifier (2.0.1)
      execjs (>= 0.3.0)
      multi_json (~> 1.0, >= 1.0.2)
    vegas (0.1.11)
      rack (>= 1.0.0)
    warden (1.2.1)
      rack (>= 1.0)
    xml-simple (1.1.2)
    yaml_db (0.2.3)
    zipruby (0.3.6)

PLATFORMS
  ruby

DEPENDENCIES
  active-fedora!
  blacklight
  bootstrap-sass
  capistrano
  capistrano-resque
  coffee-rails (~> 3.2.1)
  devise
  devise-guests (~> 0.3)
  font-awesome-sass-rails
  hydra-head
  jettywrapper
  jquery-rails
  net-http-spy
  rails (= 3.2.13)
  rubydora!
  sass-rails (~> 3.2.3)
  solrizer (= 3.1.0)
  sqlite3
  sufia
  uglifier (>= 1.0.3)
